GIT
  remote: git://github.com/collectiveidea/delayed_job.git
  revision: 8dc3930f20eb7363ef0d451ac05a3851eb0caaf6
  tag: v2.1.4
  specs:
    delayed_job (2.1.4)
      activesupport (~> 3.0)
      daemons

GIT
  remote: git://github.com/earbits/delayed_job_mongo_mapper.git
  revision: 50ae64ec0a80e3dc6c86b3b851a8703ba5845cb4
  specs:
    delayed_job_mongo_mapper (1.0.0)
      delayed_job (~> 2.1.1)
      mongo_mapper (~> 0.9)
      rails (>= 3.0.0)

GIT
  remote: git://github.com/hotsh/redfinger.git
  revision: 2d837d0cd3ba9a38bf0b253ec5653a5716d56b76
  specs:
    redfinger (0.1.1)
      hashie
      nokogiri (>= 1.4.0)
      rest-client (>= 1.5.0)

GIT
  remote: git://github.com/rtomayko/rocco.git
  revision: 727c510d635ba3b6fcf18caf3b0f89e16ef7e8f3
  specs:
    rocco (0.8.2)
      mustache
      redcarpet (~> 1.17)

GEM
  remote: http://rubygems.org/
  specs:
    aaronh-chronic (0.3.9)
    actionmailer (3.2.8)
      actionpack (= 3.2.8)
      mail (~> 2.4.4)
    actionpack (3.2.8)
      activemodel (= 3.2.8)
      activesupport (= 3.2.8)
      builder (~> 3.0.0)
      erubis (~> 2.7.0)
      journey (~> 1.0.4)
      rack (~> 1.4.0)
      rack-cache (~> 1.2)
      rack-test (~> 0.6.1)
      sprockets (~> 2.1.3)
    activemodel (3.2.8)
      activesupport (= 3.2.8)
      builder (~> 3.0.0)
    activerecord (3.2.8)
      activemodel (= 3.2.8)
      activesupport (= 3.2.8)
      arel (~> 3.0.2)
      tzinfo (~> 0.3.29)
    activeresource (3.2.8)
      activemodel (= 3.2.8)
      activesupport (= 3.2.8)
    activesupport (3.2.8)
      i18n (~> 0.6)
      multi_json (~> 1.0)
    addressable (2.2.8)
    airbrake (3.0.9)
      activesupport
      builder
    arel (3.0.2)
    bcrypt-ruby (3.0.0)
    bson (1.6.2)
    bson_ext (1.6.2)
      bson (~> 1.6.2)
    builder (3.0.0)
    capybara (1.1.2)
      mime-types (>= 1.16)
      nokogiri (>= 1.3.3)
      rack (>= 1.0.0)
      rack-test (>= 0.5.4)
      selenium-webdriver (~> 2.0)
      xpath (~> 0.1.4)
    childprocess (0.3.4)
      ffi (~> 1.0, >= 1.0.6)
    chunky_png (1.2.5)
    coffee-rails (3.2.2)
      coffee-script (>= 2.2.0)
      railties (~> 3.2.0)
    coffee-script (2.2.0)
      coffee-script-source
      execjs
    coffee-script-source (1.3.3)
    compass (0.12.2)
      chunky_png (~> 1.2)
      fssm (>= 0.2.7)
      sass (~> 3.1)
    compass-rails (1.0.3)
      compass (>= 0.12.2, < 0.14)
    crack (0.1.8)
    daemons (1.1.9)
    database_cleaner (0.6.7)
    draper (0.11.1)
      activesupport (>= 2.3.10)
    erubis (2.7.0)
    exceptional (2.0.32)
      rack
    execjs (1.2.4)
      multi_json (~> 1.0)
    fabrication (1.2.0)
    faraday (0.8.2)
      multipart-post (~> 1.1)
    ffi (1.1.0)
    fssm (0.2.9)
    haml (3.1.7)
    haml-rails (0.3.4)
      actionpack (~> 3.0)
      activesupport (~> 3.0)
      haml (~> 3.0)
      railties (~> 3.0)
    hashie (1.2.0)
    hike (1.2.1)
    i18n (0.6.0)
    journey (1.0.4)
    jquery-rails (1.0.12)
      railties (~> 3.0)
      thor (~> 0.14)
    json (1.7.4)
    kgio (2.6.0)
    launchy (2.0.5)
      addressable (~> 2.2.6)
    libv8 (3.3.10.4)
    libwebsocket (0.1.4)
      addressable
    libxml-ruby (2.3.3)
    mail (2.4.4)
      i18n (>= 0.4.0)
      mime-types (~> 1.16)
      treetop (~> 1.4.8)
    metaclass (0.0.1)
    mime-types (1.19)
    minitest (2.12.1)
    mocha (0.11.1)
      metaclass (~> 0.0.1)
    mongo (1.6.2)
      bson (~> 1.6.2)
    mongo_mapper (0.11.2)
      activemodel (~> 3.0)
      activesupport (~> 3.0)
      plucky (~> 0.5.1)
    multi_json (1.3.6)
    multipart-post (1.1.5)
    mustache (0.99.4)
    newrelic_rpm (3.3.1)
    nokogiri (1.5.5)
    oauth (0.4.6)
    omniauth (1.1.0)
      hashie (~> 1.2)
      rack
    omniauth-oauth (1.0.1)
      oauth
      omniauth (~> 1.0)
    omniauth-twitter (0.0.12)
      multi_json (~> 1.3)
      omniauth-oauth (~> 1.0)
    opub (0.0.1)
    ostatus (0.0.11)
      ratom (~> 0.7.0)
    osub (0.0.7)
      ostatus
      ruby-hmac
    plucky (0.5.1)
      mongo (~> 1.5)
    polyglot (0.3.3)
    pony (1.3)
      mail (> 2.0)
    pygmentize (0.0.3)
    quiet_assets (1.0.0)
      rails (~> 3.1)
    rack (1.4.1)
    rack-cache (1.2)
      rack (>= 0.4)
    rack-ssl (1.3.2)
      rack
    rack-test (0.6.1)
      rack (>= 1.0)
    rails (3.2.8)
      actionmailer (= 3.2.8)
      actionpack (= 3.2.8)
      activerecord (= 3.2.8)
      activeresource (= 3.2.8)
      activesupport (= 3.2.8)
      bundler (~> 1.0)
      railties (= 3.2.8)
    railties (3.2.8)
      actionpack (= 3.2.8)
      activesupport (= 3.2.8)
      rack-ssl (~> 1.3.2)
      rake (>= 0.8.7)
      rdoc (~> 3.4)
      thor (>= 0.14.6, < 2.0)
    raindrops (0.7.0)
    rake (0.9.2.2)
    ratom (0.7.2)
      libxml-ruby (~> 2.3.2)
    rdiscount (1.6.8)
    rdoc (3.12)
      json (~> 1.4)
    redcarpet (1.17.2)
    rest-client (1.6.7)
      mime-types (>= 1.16)
    rsa (0.1.4)
    ruby-hmac (0.4.0)
    rubyzip (0.9.9)
    sass (3.1.21)
    sass-rails (3.2.5)
      railties (~> 3.2.0)
      sass (>= 3.1.10)
      tilt (~> 1.3)
    selenium-webdriver (2.25.0)
      childprocess (>= 0.2.5)
      libwebsocket (~> 0.1.3)
      multi_json (~> 1.0)
      rubyzip
    show_me_the_cookies (1.1.0)
      capybara (~> 1.0)
    simple_oauth (0.1.9)
    simplecov (0.4.2)
      simplecov-html (~> 0.4.4)
    simplecov-html (0.4.5)
    sprockets (2.1.3)
      hike (~> 1.2)
      rack (~> 1.0)
      tilt (~> 1.1, != 1.3.0)
    therubyracer (0.9.9)
      libv8 (~> 3.3.10)
    thor (0.15.4)
    tilt (1.3.3)
    treetop (1.4.10)
      polyglot
      polyglot (>= 0.3.1)
    twitter (3.5.0)
      faraday (~> 0.8)
      multi_json (~> 1.3)
      simple_oauth (~> 0.1.6)
    tzinfo (0.3.33)
    uglifier (1.0.0)
      execjs (>= 0.3.0)
      multi_json (>= 1.0.2)
    unicorn (4.0.1)
      kgio (~> 2.4)
      rack
      raindrops (~> 0.6)
    vcr (1.10.3)
    webmock (1.6.4)
      addressable (~> 2.2, > 2.2.5)
      crack (>= 0.1.7)
    whenever (0.6.8)
      aaronh-chronic (>= 0.3.9)
      activesupport (>= 2.3.4)
    xpath (0.1.4)
      nokogiri (~> 1.3)

PLATFORMS
  ruby

DEPENDENCIES
  airbrake (~> 3.0.9)
  bcrypt-ruby (~> 3.0.0)
  bson (= 1.6.2)
  bson_ext (= 1.6.2)
  capybara (~> 1.1.2)
  coffee-rails (~> 3.2.2)
  compass-rails (~> 1.0.3)
  database_cleaner (~> 0.6.7)
  delayed_job!
  delayed_job_mongo_mapper!
  draper (~> 0.11.1)
  exceptional (~> 2.0.32)
  fabrication (~> 1.2.0)
  haml (~> 3.1.4)
  haml-rails (~> 0.3.4)
  i18n (~> 0.6.0)
  jquery-rails (~> 1.0.12)
  launchy (~> 2.0.5)
  minitest (~> 2.12.1)
  mocha (~> 0.11.0)
  mongo (= 1.6.2)
  mongo_mapper (~> 0.11.2)
  newrelic_rpm (~> 3.3.1)
  nokogiri (~> 1.5.0)
  omniauth (~> 1.1.0)
  omniauth-twitter (~> 0.0.12)
  opub (~> 0.0.1)
  ostatus (~> 0.0.11)
  osub (~> 0.0.6)
  pony (~> 1.3)
  pygmentize (~> 0.0.3)
  quiet_assets (~> 1.0.0)
  rails (= 3.2.8)
  ratom (~> 0.7.2)
  rdiscount (~> 1.6.8)
  redfinger!
  rocco!
  rsa (~> 0.1.4)
  sass (~> 3.1.10)
  sass-rails (~> 3.2.5)
  show_me_the_cookies (~> 1.1.0)
  simplecov (~> 0.4.0)
  therubyracer (~> 0.9.9)
  twitter (~> 3.5.0)
  tzinfo (~> 0.3.29)
  uglifier (~> 1.0.0)
  unicorn (~> 4.0.1)
  vcr (~> 1.10.3)
  webmock (~> 1.6.4)
  whenever (~> 0.6.8)
